GIT
  remote: git://github.com/mislav/will_paginate.git
  revision: b1a5beeec9f56ecbe3594fcdca76d92b6767ce50
  branch: rails3
  specs:
    will_paginate (3.0.pre3)

GIT
  remote: git://github.com/plataformatec/responders.git
  revision: 35915856d4dae58ed0297a77bfabdb982533b043
  specs:
    responders (0.6.2)

GIT
  remote: git://github.com/sferik/rails_admin.git
  revision: 971460a56412ee6aeb77aaec1481340fbb259e51
  specs:
    rails_admin (0.0.1)
      builder (~> 2.1.0)
      rails (~> 3.0.3)

GIT
  remote: http://github.com/ouranos/video_info.git
  revision: 1043aff533fa986580381b173277c1a9bf9b1b08
  specs:
    video_info (0.2.2)
      nokogiri (>= 1.1.0)

GIT
  remote: http://github.com/sgruhier/devise_simple_form_views_generator.git
  revision: a2189a1d684419a4e261ba03a17860f450a77995
  specs:
    devise_simple_form_views_generator (0.1.0)
      devise (~> 1.1)
      simple_form (~> 1.1.3)

GIT
  remote: http://github.com/shwoodard/scribd_fu.git
  revision: 747cfc2ddd916e185065f189f13b472bc5c297fb
  branch: rails3
  specs:
    scribd_fu (2.0.9)
      rscribd

GEM
  remote: http://rubygems.org/
  remote: http://gemcutter.com/
  specs:
    abstract (1.0.0)
    actionmailer (3.0.3)
      actionpack (= 3.0.3)
      mail (~> 2.2.9)
    actionpack (3.0.3)
      activemodel (= 3.0.3)
      activesupport (= 3.0.3)
      builder (~> 2.1.2)
      erubis (~> 2.6.6)
      i18n (~> 0.4)
      rack (~> 1.2.1)
      rack-mount (~> 0.6.13)
      rack-test (~> 0.5.6)
      tzinfo (~> 0.3.23)
    activemodel (3.0.3)
      activesupport (= 3.0.3)
      builder (~> 2.1.2)
      i18n (~> 0.4)
    activerecord (3.0.3)
      activemodel (= 3.0.3)
      activesupport (= 3.0.3)
      arel (~> 2.0.2)
      tzinfo (~> 0.3.23)
    activeresource (3.0.3)
      activemodel (= 3.0.3)
      activesupport (= 3.0.3)
    activesupport (3.0.3)
    acts_as_commentable (3.0.1)
    arel (2.0.7)
    aws-s3 (0.6.2)
      builder
      mime-types
      xml-simple
    bcrypt-ruby (2.1.4)
    builder (2.1.2)
    devise (1.1.5)
      bcrypt-ruby (~> 2.1.2)
      warden (~> 1.0.2)
    erubis (2.6.6)
      abstract (>= 1.0.0)
    feed-normalizer (1.5.2)
      hpricot (>= 0.6)
      simple-rss (>= 1.1)
    google-translate (0.7.2)
      json_pure
      json_pure (>= 1.1.4)
    has_scope (0.5.0)
    hpricot (0.8.3)
    htmlentities (4.2.4)
    i18n (0.5.0)
    i18n_data (0.2.7)
      activesupport
    inherited_resources (1.2.1)
      has_scope (~> 0.5.0)
      responders (~> 0.6.0)
    json_pure (1.5.1)
    mail (2.2.15)
      activesupport (>= 2.3.6)
      i18n (>= 0.4.0)
      mime-types (~> 1.16)
      treetop (~> 1.4.8)
    meta_search (1.0.1)
      actionpack (~> 3.0.2)
      activerecord (~> 3.0.2)
      activesupport (~> 3.0.2)
      arel (~> 2.0.2)
    mime-types (1.16)
    nokogiri (1.4.4)
    paperclip (2.3.8)
      activerecord
      activesupport
    pg (0.10.1)
    polyglot (0.3.1)
    rack (1.2.1)
    rack-mount (0.6.13)
      rack (>= 1.0.0)
    rack-test (0.5.7)
      rack (>= 1.0)
    rails (3.0.3)
      actionmailer (= 3.0.3)
      actionpack (= 3.0.3)
      activerecord (= 3.0.3)
      activeresource (= 3.0.3)
      activesupport (= 3.0.3)
      bundler (~> 1.0)
      railties (= 3.0.3)
    railties (3.0.3)
      actionpack (= 3.0.3)
      activesupport (= 3.0.3)
      rake (>= 0.8.7)
      thor (~> 0.14.4)
    rake (0.8.7)
    rscribd (1.2.0)
      mime-types
    show_for (0.2.3)
    simple-rss (1.2.3)
    simple_form (1.1.3)
    sort_alphabetical (0.1.1)
      activesupport
    thor (0.14.6)
    treetop (1.4.9)
      polyglot (>= 0.3.1)
    tzinfo (0.3.24)
    userstamp (2.0.1)
    warden (1.0.3)
      rack (>= 1.0.0)
    xml-simple (1.0.14)

PLATFORMS
  ruby

DEPENDENCIES
  acts_as_commentable
  aws-s3
  devise
  devise_simple_form_views_generator!
  feed-normalizer
  google-translate
  htmlentities
  i18n_data
  inherited_resources
  meta_search
  paperclip
  pg
  rails (= 3.0.3)
  rails_admin!
  responders!
  rscribd
  scribd_fu!
  show_for
  simple_form
  sort_alphabetical
  userstamp
  video_info!
  will_paginate!
